GEM
  remote: https://rubygems.org/
  remote: https://extensions.glancr.net/
  specs:
    actioncable (5.2.4.3)
      actionpack (= 5.2.4.3)
      nio4r (~> 2.0)
      websocket-driver (>= 0.6.1)
    actionmailer (5.2.4.3)
      actionpack (= 5.2.4.3)
      actionview (= 5.2.4.3)
      activejob (= 5.2.4.3)
      mail (~> 2.5, >= 2.5.4)
      rails-dom-testing (~> 2.0)
    actionpack (5.2.4.3)
      actionview (= 5.2.4.3)
      activesupport (= 5.2.4.3)
      rack (~> 2.0, >= 2.0.8)
      rack-test (>= 0.6.3)
      rails-dom-testing (~> 2.0)
      rails-html-sanitizer (~> 1.0, >= 1.0.2)
    actionview (5.2.4.3)
      activesupport (= 5.2.4.3)
      builder (~> 3.1)
      erubi (~> 1.4)
      rails-dom-testing (~> 2.0)
      rails-html-sanitizer (~> 1.0, >= 1.0.3)
    activejob (5.2.4.3)
      activesupport (= 5.2.4.3)
      globalid (>= 0.3.6)
    activemodel (5.2.4.3)
      activesupport (= 5.2.4.3)
    activerecord (5.2.4.3)
      activemodel (= 5.2.4.3)
      activesupport (= 5.2.4.3)
      arel (>= 9.0)
    activestorage (5.2.4.3)
      actionpack (= 5.2.4.3)
      activerecord (= 5.2.4.3)
      marcel (~> 0.3.1)
    activesupport (5.2.4.3)
      concurrent-ruby (~> 1.0, >= 1.0.2)
      i18n (>= 0.7, < 2)
      minitest (~> 5.1)
      tzinfo (~> 1.1)
    addressable (2.7.0)
      public_suffix (>= 2.0.2, < 5.0)
    arel (9.0.0)
    ast (2.4.1)
    better_errors (2.5.1)
      coderay (>= 1.0.0)
      erubi (>= 1.0.0)
      rack (>= 0.9.0)
    binding_of_caller (0.8.0)
      debug_inspector (>= 0.0.1)
    bing_traffic (1.0.3)
    bootsnap (1.4.6)
      msgpack (~> 1.0)
    builder (3.2.4)
    byebug (11.1.3)
    calendar_event_list (1.1.2)
    calendar_upcoming_event (1.0.1)
    calendar_week_overview (1.0.1)
    choice (0.2.0)
    climate_control (0.2.0)
    clock (0.3.2)
    coderay (1.1.3)
    concurrent-ruby (1.1.6)
    countdown (0.1.3)
    crass (1.0.6)
    current_date (0.1.5)
      rails (~> 5.2)
    debug_inspector (0.0.3)
    easy_enum (0.1.4)
    erubi (1.9.0)
    et-orbi (1.2.4)
      tzinfo
    ethon (0.12.0)
      ffi (>= 1.3.0)
    faraday (1.0.1)
      multipart-post (>= 1.2, < 3)
    feedjira (3.1.1)
      loofah (>= 2.3.1)
      sax-machine (>= 1.0)
    ffi (1.13.1)
    friendly_id (5.2.5)
      activerecord (>= 4.0.0)
    fuel_prices (0.2.1)
    fugit (1.3.6)
      et-orbi (~> 1.1, >= 1.1.8)
      raabro (~> 1.3)
    geocoder (1.6.3)
    git (1.5.0)
    globalid (0.4.2)
      activesupport (>= 4.2.0)
    httparty (0.17.3)
      mime-types (~> 3.0)
      multi_xml (>= 0.5.2)
    i18n (1.8.3)
      concurrent-ruby (~> 1.0)
    ical (1.1.3)
      httparty (~> 0.17.0)
      icalendar (~> 2.4)
      icalendar-recurrence (~> 1.1)
    icalendar (2.6.1)
      ice_cube (~> 0.16)
    icalendar-recurrence (1.1.3)
      icalendar (~> 2.0)
      ice_cube (~> 0.16)
    ice_cube (0.16.3)
    idioms (0.2.0)
    idioms_source (0.1.2)
    image_processing (1.11.0)
      mini_magick (>= 4.9.5, < 5)
      ruby-vips (>= 2.0.17, < 3)
    ip_cam (0.1.3)
    jsonapi-resources (0.9.11)
      activerecord (>= 4.1)
      concurrent-ruby
      railties (>= 4.1)
    lhc (11.1.1)
      activesupport (>= 4.2)
      addressable
      typhoeus (>= 0.11)
    listen (3.1.5)
      rb-fsevent (~> 0.9, >= 0.9.4)
      rb-inotify (~> 0.9, >= 0.9.7)
      ruby_dep (~> 1.2)
    loofah (2.6.0)
      crass (~> 1.0.2)
      nokogiri (>= 1.5.9)
    mail (2.7.1)
      mini_mime (>= 0.1.1)
    marcel (0.3.3)
      mimemagic (~> 0.3.2)
    method_source (1.0.0)
    mime-types (3.3.1)
      mime-types-data (~> 3.2015)
    mime-types-data (3.2020.0512)
    mimemagic (0.3.5)
    mini_magick (4.10.1)
    mini_mime (1.0.2)
    mini_portile2 (2.4.0)
    minitest (5.14.1)
    mirros-source-netatmo (1.0.0)
      lhc
      netatmo (~> 0.1.1)
    msgpack (1.3.3)
    multi_xml (0.6.0)
    multipart-post (2.1.1)
    mysql2 (0.5.3)
    netatmo (0.1.1)
      easy_enum (~> 0.1.4)
      faraday (~> 1.0)
      geocoder (~> 1.6)
      zeitwerk (~> 2.3)
    network (0.1.2)
      rails (~> 5.2)
    nio4r (2.5.2)
    nokogiri (1.10.9)
      mini_portile2 (~> 2.4.0)
    openweathermap (1.1.2)
      httparty (~> 0.17.0)
    os (1.0.1)
    owm_current_weather (0.4.3)
    owm_daily_values (0.2.2)
    owm_forecast (0.3.1)
    parallel (1.19.2)
    parser (2.7.1.4)
      ast (~> 2.4.1)
    pictures (0.3.1)
    public_suffix (4.0.5)
    public_transport_departures (0.2.3)
    puma (4.0.1)
      nio4r (~> 2.0)
    qrcode (0.2.3)
    raabro (1.3.1)
    rack (2.2.3)
    rack-cors (1.1.1)
      rack (>= 2.0.0)
    rack-test (1.1.0)
      rack (>= 1.0, < 3)
    rails (5.2.4.3)
      actioncable (= 5.2.4.3)
      actionmailer (= 5.2.4.3)
      actionpack (= 5.2.4.3)
      actionview (= 5.2.4.3)
      activejob (= 5.2.4.3)
      activemodel (= 5.2.4.3)
      activerecord (= 5.2.4.3)
      activestorage (= 5.2.4.3)
      activesupport (= 5.2.4.3)
      bundler (>= 1.3.0)
      railties (= 5.2.4.3)
      sprockets-rails (>= 2.0.0)
    rails-dom-testing (2.0.3)
      activesupport (>= 4.2.0)
      nokogiri (>= 1.6)
    rails-erd (1.6.0)
      activerecord (>= 4.2)
      activesupport (>= 4.2)
      choice (~> 0.2.0)
      ruby-graphviz (~> 1.2)
    rails-html-sanitizer (1.3.0)
      loofah (~> 2.3)
    railties (5.2.4.3)
      actionpack (= 5.2.4.3)
      activesupport (= 5.2.4.3)
      method_source
      rake (>= 0.8.7)
      thor (>= 0.19.0, < 2.0)
    rainbow (3.0.0)
    rake (13.0.1)
    rb-fsevent (0.10.4)
    rb-inotify (0.10.1)
      ffi (~> 1.0)
    regexp_parser (1.7.1)
    rexml (3.2.4)
    rss_feeds (1.0.2)
      feedjira (~> 3.1.0)
      httparty (~> 0.17.0)
    rubocop (0.86.0)
      parallel (~> 1.10)
      parser (>= 2.7.0.1)
      rainbow (>= 2.2.2, < 4.0)
      regexp_parser (>= 1.7)
      rexml
      rubocop-ast (>= 0.0.3, < 1.0)
      ruby-progressbar (~> 1.7)
      unicode-display_width (>= 1.4.0, < 2.0)
    rubocop-ast (0.1.0)
      parser (>= 2.7.0.1)
    rubocop-rails (2.6.0)
      activesupport (>= 4.2.0)
      rack (>= 1.1)
      rubocop (>= 0.82.0)
    ruby-dbus (0.16.0)
    ruby-graphviz (1.2.5)
      rexml
    ruby-progressbar (1.10.1)
    ruby-vips (2.0.17)
      ffi (~> 1.9)
    ruby_dep (1.5.0)
    rufus-scheduler (3.6.0)
      fugit (~> 1.1, >= 1.1.6)
    sax-machine (1.3.2)
    sbb (0.2.2)
      httparty (~> 0.17.0)
    spring (2.1.0)
    spring-watcher-listen (2.0.1)
      listen (>= 2.7, < 4.0)
      spring (>= 1.2, < 3.0)
    sprockets (4.0.2)
      concurrent-ruby (~> 1.0)
      rack (> 1, < 3)
    sprockets-rails (3.2.1)
      actionpack (>= 4.0)
      activesupport (>= 4.0)
      sprockets (>= 3.0.0)
    styling (0.3.0)
      rails (~> 5.2)
    terrapin (0.6.0)
      climate_control (>= 0.0.3, < 1.0)
    text_field (0.3.3)
    thor (1.0.1)
    thread_safe (0.3.6)
    ticker (0.1.8)
      rails (~> 5.2)
    todoist (0.1.2)
      httparty (~> 0.17)
    todos (0.1.6)
    typhoeus (1.4.0)
      ethon (>= 0.9.0)
    tzinfo (1.2.7)
      thread_safe (~> 0.1)
    unicode-display_width (1.7.0)
    vbb (0.1.10)
      httparty (~> 0.17)
    video_player (1.0.2)
    websocket-driver (0.7.2)
      websocket-extensions (>= 0.1.0)
    websocket-extensions (0.1.5)
    wunderlist (0.1.4)
      httparty (~> 0.17.0)
      rails (~> 5.2)
    zeitwerk (2.3.1)

PLATFORMS
  ruby

DEPENDENCIES
  better_errors (~> 2.5.0)!
  binding_of_caller (~> 0.8.0)!
  bing_traffic!
  bootsnap (>= 1.1.0)!
  bundler (>= 1.17.1)!
  byebug!
  calendar_event_list!
  calendar_upcoming_event!
  calendar_week_overview!
  clock!
  countdown!
  current_date!
  friendly_id (~> 5.2.5)!
  fuel_prices!
  git (~> 1.5.0)!
  httparty (~> 0.17.0)!
  ical!
  idioms!
  idioms_source!
  image_processing (~> 1.9)!
  ip_cam!
  jsonapi-resources (~> 0.9.10)!
  listen (>= 3.0.5, < 3.2)!
  mirros-source-netatmo!
  mysql2 (~> 0.5.2)!
  network!
  openweathermap!
  os (~> 1.0.0)!
  owm_current_weather!
  owm_daily_values!
  owm_forecast!
  pictures!
  public_transport_departures!
  puma (~> 4.0.1)!
  qrcode!
  rack-cors!
  rails (~> 5.2.3)!
  rails-erd (~> 1.6.0)!
  rss_feeds!
  rubocop!
  rubocop-rails!
  ruby-dbus (~> 0.16.0)!
  rufus-scheduler (~> 3.6.0)!
  sbb!
  spring!
  spring-watcher-listen (~> 2.0.0)!
  styling!
  terrapin (~> 0.6.0)!
  text_field!
  ticker!
  todoist!
  todos!
  vbb!
  video_player!
  wunderlist!

RUBY VERSION
   ruby 2.6.5p114

BUNDLED WITH
   1.17.2
