GEM
  remote: https://rubygems.org/
  remote: http://gems.marco-roth.ch/
  specs:
    actioncable (5.2.2)
      actionpack (= 5.2.2)
      nio4r (~> 2.0)
      websocket-driver (>= 0.6.1)
    actionmailer (5.2.2)
      actionpack (= 5.2.2)
      actionview (= 5.2.2)
      activejob (= 5.2.2)
      mail (~> 2.5, >= 2.5.4)
      rails-dom-testing (~> 2.0)
    actionpack (5.2.2)
      actionview (= 5.2.2)
      activesupport (= 5.2.2)
      rack (~> 2.0)
      rack-test (>= 0.6.3)
      rails-dom-testing (~> 2.0)
      rails-html-sanitizer (~> 1.0, >= 1.0.2)
    actionview (5.2.2)
      activesupport (= 5.2.2)
      builder (~> 3.1)
      erubi (~> 1.4)
      rails-dom-testing (~> 2.0)
      rails-html-sanitizer (~> 1.0, >= 1.0.3)
    activejob (5.2.2)
      activesupport (= 5.2.2)
      globalid (>= 0.3.6)
    activemodel (5.2.2)
      activesupport (= 5.2.2)
    activerecord (5.2.2)
      activemodel (= 5.2.2)
      activesupport (= 5.2.2)
      arel (>= 9.0)
    activestorage (5.2.2)
      actionpack (= 5.2.2)
      activerecord (= 5.2.2)
      marcel (~> 0.3.1)
    activesupport (5.2.2)
      concurrent-ruby (~> 1.0, >= 1.0.2)
      i18n (>= 0.7, < 2)
      minitest (~> 5.1)
      tzinfo (~> 1.1)
    arel (9.0.0)
    better_errors (2.5.0)
      coderay (>= 1.0.0)
      erubi (>= 1.0.0)
      rack (>= 0.9.0)
    bindex (0.5.0)
    binding_of_caller (0.8.0)
      debug_inspector (>= 0.0.1)
    builder (3.2.3)
    byebug (10.0.2)
    calendar_event_list (0.1.10)
      rails (~> 5.2)
    choice (0.2.0)
    cli_spinnable (0.2)
    climate_control (0.2.0)
    clock (0.2.0)
      rails (~> 5.2)
    coderay (1.1.2)
    concurrent-ruby (1.1.4)
    crass (1.0.4)
    current_date (0.1.3)
      rails (~> 5.2)
    debug_inspector (0.0.3)
    erubi (1.8.0)
    et-orbi (1.1.7)
      tzinfo
    ffi (1.10.0)
    friendly_id (5.2.5)
      activerecord (>= 4.0.0)
    fugit (1.1.8)
      et-orbi (~> 1.1, >= 1.1.7)
      raabro (~> 1.1)
    git (1.5.0)
    globalid (0.4.2)
      activesupport (>= 4.2.0)
    highline (2.0.1)
    httparty (0.16.4)
      mime-types (~> 3.0)
      multi_xml (>= 0.5.2)
    i18n (1.5.3)
      concurrent-ruby (~> 1.0)
    ical (0.1.4)
      httparty (~> 0.16)
      icalendar (~> 2.4)
      icalendar-recurrence (~> 1.1)
      rails (~> 5.2)
    icalendar (2.5.2)
      ice_cube (~> 0.16)
    icalendar-recurrence (1.1.2)
      icalendar (~> 2.0)
      ice_cube (~> 0.13)
    ice_cube (0.16.3)
    jsonapi-resources (0.9.5)
      activerecord (>= 4.1)
      concurrent-ruby
      railties (>= 4.1)
    listen (3.1.5)
      rb-fsevent (~> 0.9, >= 0.9.4)
      rb-inotify (~> 0.9, >= 0.9.7)
      ruby_dep (~> 1.2)
    loofah (2.2.3)
      crass (~> 1.0.2)
      nokogiri (>= 1.5.9)
    mail (2.7.1)
      mini_mime (>= 0.1.1)
    marcel (0.3.3)
      mimemagic (~> 0.3.2)
    method_source (0.9.2)
    mime-types (3.2.2)
      mime-types-data (~> 3.2015)
    mime-types-data (3.2018.0812)
    mimemagic (0.3.3)
    mini_mime (1.0.1)
    mini_portile2 (2.4.0)
    minitest (5.11.3)
    multi_xml (0.6.0)
    nio4r (2.3.1)
    nokogiri (1.10.1)
      mini_portile2 (~> 2.4.0)
    openweathermap (0.1.10)
      httparty (~> 0.16)
      rails (~> 5.2)
    os (1.0.0)
    owm_current_weather (0.1.1)
      rails (~> 5.2)
    owm_forecast (0.1.2)
      rails (~> 5.2)
    puma (3.12.0)
    raabro (1.1.6)
    rack (2.0.6)
    rack-cors (1.0.2)
    rack-test (1.1.0)
      rack (>= 1.0, < 3)
    rails (5.2.2)
      actioncable (= 5.2.2)
      actionmailer (= 5.2.2)
      actionpack (= 5.2.2)
      actionview (= 5.2.2)
      activejob (= 5.2.2)
      activemodel (= 5.2.2)
      activerecord (= 5.2.2)
      activestorage (= 5.2.2)
      activesupport (= 5.2.2)
      bundler (>= 1.3.0)
      railties (= 5.2.2)
      sprockets-rails (>= 2.0.0)
    rails-dom-testing (2.0.3)
      activesupport (>= 4.2.0)
      nokogiri (>= 1.6)
    rails-erd (1.5.2)
      activerecord (>= 3.2)
      activesupport (>= 3.2)
      choice (~> 0.2.0)
      ruby-graphviz (~> 1.2)
    rails-html-sanitizer (1.0.4)
      loofah (~> 2.2, >= 2.2.2)
    railties (5.2.2)
      actionpack (= 5.2.2)
      activesupport (= 5.2.2)
      method_source
      rake (>= 0.8.7)
      thor (>= 0.19.0, < 2.0)
    rake (12.3.2)
    rb-fsevent (0.10.3)
    rb-inotify (0.10.0)
      ffi (~> 1.0)
    rss_feeds (0.1.2)
      httparty (~> 0.16)
      rails (~> 5.2)
    ruby-graphviz (1.2.4)
    ruby_dep (1.5.0)
    rufus-scheduler (3.5.2)
      fugit (~> 1.1, >= 1.1.5)
    spring (2.0.2)
      activesupport (>= 4.2)
    spring-watcher-listen (2.0.1)
      listen (>= 2.7, < 4.0)
      spring (>= 1.2, < 3.0)
    sprockets (3.7.2)
      concurrent-ruby (~> 1.0)
      rack (> 1, < 3)
    sprockets-rails (3.2.1)
      actionpack (>= 4.0)
      activesupport (>= 4.0)
      sprockets (>= 3.0.0)
    sqlite3 (1.3.13)
    styling (0.1.0)
      rails (~> 5.2)
    terrapin (0.6.0)
      climate_control (>= 0.0.3, < 1.0)
    text_field (0.1.5)
      rails (~> 5.2)
    thor (0.20.3)
    thread_safe (0.3.6)
    ticker (0.1.2)
      rails (~> 5.2)
    tzinfo (1.2.5)
      thread_safe (~> 0.1)
    web-console (3.7.0)
      actionview (>= 5.0)
      activemodel (>= 5.0)
      bindex (>= 0.4.0)
      railties (>= 5.0)
    websocket-driver (0.7.0)
      websocket-extensions (>= 0.1.0)
    websocket-extensions (0.1.3)

PLATFORMS
  ruby

DEPENDENCIES
  better_errors (~> 2.5.0)
  binding_of_caller (~> 0.8.0)
  bundler (>= 1.17.1)
  byebug
  calendar_event_list!
  cli_spinnable (~> 0.2)
  clock!
  current_date!
  friendly_id (~> 5.2.5)
  git (~> 1.5.0)
  highline (~> 2.0.0)
  httparty (~> 0.16.0)
  ical!
  jsonapi-resources (~> 0.9.5)
  listen (>= 3.0.5, < 3.2)
  openweathermap!
  os (~> 1.0.0)
  owm_current_weather!
  owm_forecast!
  puma (~> 3.7)
  rack-cors
  rails (~> 5.2.0)
  rails-erd (~> 1.5.0)
  rss_feeds!
  rufus-scheduler (~> 3.5.2)
  spring
  spring-watcher-listen (~> 2.0.0)
  sqlite3 (~> 1.3.6)
  styling!
  terrapin (~> 0.6.0)
  text_field!
  thor (~> 0.20.0)
  ticker!
  web-console

BUNDLED WITH
   2.0.1
