GEM
  remote: https://rubygems.org/
  remote: http://gems.marco-roth.ch/
  specs:
    actioncable (5.2.3)
      actionpack (= 5.2.3)
      nio4r (~> 2.0)
      websocket-driver (>= 0.6.1)
    actionmailer (5.2.3)
      actionpack (= 5.2.3)
      actionview (= 5.2.3)
      activejob (= 5.2.3)
      mail (~> 2.5, >= 2.5.4)
      rails-dom-testing (~> 2.0)
    actionpack (5.2.3)
      actionview (= 5.2.3)
      activesupport (= 5.2.3)
      rack (~> 2.0)
      rack-test (>= 0.6.3)
      rails-dom-testing (~> 2.0)
      rails-html-sanitizer (~> 1.0, >= 1.0.2)
    actionview (5.2.3)
      activesupport (= 5.2.3)
      builder (~> 3.1)
      erubi (~> 1.4)
      rails-dom-testing (~> 2.0)
      rails-html-sanitizer (~> 1.0, >= 1.0.3)
    activejob (5.2.3)
      activesupport (= 5.2.3)
      globalid (>= 0.3.6)
    activemodel (5.2.3)
      activesupport (= 5.2.3)
    activerecord (5.2.3)
      activemodel (= 5.2.3)
      activesupport (= 5.2.3)
      arel (>= 9.0)
    activestorage (5.2.3)
      actionpack (= 5.2.3)
      activerecord (= 5.2.3)
      marcel (~> 0.3.1)
    activesupport (5.2.3)
      concurrent-ruby (~> 1.0, >= 1.0.2)
      i18n (>= 0.7, < 2)
      minitest (~> 5.1)
      tzinfo (~> 1.1)
    arel (9.0.0)
    better_errors (2.5.1)
      coderay (>= 1.0.0)
      erubi (>= 1.0.0)
      rack (>= 0.9.0)
    binding_of_caller (0.8.0)
      debug_inspector (>= 0.0.1)
    bootsnap (1.4.4)
      msgpack (~> 1.0)
    builder (3.2.3)
    byebug (11.0.1)
    calendar_event_list (0.1.12)
    choice (0.2.0)
    climate_control (0.2.0)
    clock (0.2.3)
    coderay (1.1.2)
    concurrent-ruby (1.1.5)
    countdown (0.1.1)
    crass (1.0.4)
    current_date (0.1.5)
      rails (~> 5.2)
    debug_inspector (0.0.3)
    erubi (1.8.0)
    et-orbi (1.2.1)
      tzinfo
    ffi (1.11.1)
    friendly_id (5.2.5)
      activerecord (>= 4.0.0)
    fuel_prices (0.1.2)
    fugit (1.3.1)
      et-orbi (~> 1.1, >= 1.1.8)
      raabro (~> 1.1)
    git (1.5.0)
    globalid (0.4.2)
      activesupport (>= 4.2.0)
    httparty (0.17.0)
      mime-types (~> 3.0)
      multi_xml (>= 0.5.2)
    i18n (1.6.0)
      concurrent-ruby (~> 1.0)
    ical (0.3.1)
      httparty (~> 0.17.0)
      icalendar (~> 2.4)
      icalendar-recurrence (~> 1.1)
    icalendar (2.5.3)
      ice_cube (~> 0.16)
    icalendar-recurrence (1.1.2)
      icalendar (~> 2.0)
      ice_cube (~> 0.13)
    ice_cube (0.16.3)
    idioms (0.1.2)
      rails (~> 5.2)
    idioms_source (0.1.1)
    ip_cam (0.1.1)
    jsonapi-resources (0.9.10)
      activerecord (>= 4.1)
      concurrent-ruby
      railties (>= 4.1)
    listen (3.1.5)
      rb-fsevent (~> 0.9, >= 0.9.4)
      rb-inotify (~> 0.9, >= 0.9.7)
      ruby_dep (~> 1.2)
    loofah (2.2.3)
      crass (~> 1.0.2)
      nokogiri (>= 1.5.9)
    mail (2.7.1)
      mini_mime (>= 0.1.1)
    marcel (0.3.3)
      mimemagic (~> 0.3.2)
    method_source (0.9.2)
    mime-types (3.2.2)
      mime-types-data (~> 3.2015)
    mime-types-data (3.2019.0331)
    mimemagic (0.3.3)
    mini_mime (1.0.2)
    mini_portile2 (2.4.0)
    minitest (5.11.3)
    msgpack (1.3.1)
    multi_xml (0.6.0)
    mysql2 (0.5.2)
    network (0.1.1)
      rails (~> 5.2)
    nio4r (2.4.0)
    nokogiri (1.10.3)
      mini_portile2 (~> 2.4.0)
    openweathermap (0.2.0)
      httparty (~> 0.17.0)
    os (1.0.1)
    owm_current_weather (0.3.0)
    owm_forecast (0.3.0)
      rails (~> 5.2)
    pictures (0.1.3)
    public_transport_departures (0.2.0)
    puma (4.0.1)
      nio4r (~> 2.0)
    raabro (1.1.6)
    rack (2.0.7)
    rack-cors (1.0.3)
    rack-test (1.1.0)
      rack (>= 1.0, < 3)
    rails (5.2.3)
      actioncable (= 5.2.3)
      actionmailer (= 5.2.3)
      actionpack (= 5.2.3)
      actionview (= 5.2.3)
      activejob (= 5.2.3)
      activemodel (= 5.2.3)
      activerecord (= 5.2.3)
      activestorage (= 5.2.3)
      activesupport (= 5.2.3)
      bundler (>= 1.3.0)
      railties (= 5.2.3)
      sprockets-rails (>= 2.0.0)
    rails-dom-testing (2.0.3)
      activesupport (>= 4.2.0)
      nokogiri (>= 1.6)
    rails-erd (1.6.0)
      activerecord (>= 4.2)
      activesupport (>= 4.2)
      choice (~> 0.2.0)
      ruby-graphviz (~> 1.2)
    rails-html-sanitizer (1.2.0)
      loofah (~> 2.2, >= 2.2.2)
    railties (5.2.3)
      actionpack (= 5.2.3)
      activesupport (= 5.2.3)
      method_source
      rake (>= 0.8.7)
      thor (>= 0.19.0, < 2.0)
    rake (12.3.3)
    rb-fsevent (0.10.3)
    rb-inotify (0.10.0)
      ffi (~> 1.0)
    rss_feeds (0.1.8)
      httparty (~> 0.17.0)
    ruby-dbus (0.15.0)
    ruby-graphviz (1.2.4)
    ruby_dep (1.5.0)
    rufus-scheduler (3.6.0)
      fugit (~> 1.1, >= 1.1.6)
    sbb (0.2.0)
      httparty (~> 0.17.0)
    spring (2.1.0)
    spring-watcher-listen (2.0.1)
      listen (>= 2.7, < 4.0)
      spring (>= 1.2, < 3.0)
    sprockets (3.7.2)
      concurrent-ruby (~> 1.0)
      rack (> 1, < 3)
    sprockets-rails (3.2.1)
      actionpack (>= 4.0)
      activesupport (>= 4.0)
      sprockets (>= 3.0.0)
    sqlite3 (1.4.1)
    styling (0.1.0)
      rails (~> 5.2)
    terrapin (0.6.0)
      climate_control (>= 0.0.3, < 1.0)
    text_field (0.3.3)
    thor (0.20.3)
    thread_safe (0.3.6)
    ticker (0.1.6)
      rails (~> 5.2)
    todos (0.1.5)
      rails (~> 5.2)
    tzinfo (1.2.5)
      thread_safe (~> 0.1)
    video_player (0.1.2)
      rails (~> 5.2)
    websocket-driver (0.7.1)
      websocket-extensions (>= 0.1.0)
    websocket-extensions (0.1.4)
    wunderlist (0.1.1)
      httparty (~> 0.17.0)
      rails (~> 5.2)

PLATFORMS
  ruby

DEPENDENCIES
  better_errors (~> 2.5.0)!
  binding_of_caller (~> 0.8.0)!
  bootsnap (>= 1.1.0)!
  bundler (>= 1.17.1)!
  byebug!
  calendar_event_list!
  clock!
  countdown!
  current_date!
  friendly_id (~> 5.2.5)!
  fuel_prices!
  git (~> 1.5.0)!
  httparty (~> 0.17.0)!
  ical!
  idioms!
  idioms_source!
  ip_cam!
  jsonapi-resources (~> 0.9.10)!
  listen (>= 3.0.5, < 3.2)!
  mysql2 (~> 0.5.2)!
  network!
  openweathermap!
  os (~> 1.0.0)!
  owm_current_weather!
  owm_forecast!
  pictures!
  public_transport_departures!
  puma (~> 4.0.1)!
  rack-cors!
  rails (~> 5.2.3)!
  rails-erd (~> 1.6.0)!
  rss_feeds!
  ruby-dbus (~> 0.15.0)!
  rufus-scheduler (~> 3.6.0)!
  sbb!
  spring!
  spring-watcher-listen (~> 2.0.0)!
  sqlite3 (~> 1.4)!
  styling!
  terrapin (~> 0.6.0)!
  text_field!
  ticker!
  todos!
  video_player!
  wunderlist!

RUBY VERSION
   ruby 2.6.3p62

BUNDLED WITH
   1.17.2
