PATH
  remote: sources/ical
  specs:
    ical (1.1.9)
      httparty (~> 0.20)
      icalendar (~> 2.4)
      icalendar-recurrence (~> 1.1)

PATH
  remote: sources/idioms_source
  specs:
    idioms_source (0.1.4)

PATH
  remote: sources/mirros-source-microsoft_todo
  specs:
    mirros-source-microsoft_todo (1.0.4)
      omniauth (~> 1.9)
      omniauth-oauth2 (~> 1.7.0)

PATH
  remote: sources/mirros-source-netatmo
  specs:
    mirros-source-netatmo (1.0.3)
      lhc
      netatmo (~> 0.1.2)

PATH
  remote: sources/openweathermap
  specs:
    openweathermap (1.2.0)
      httparty (~> 0.18)

PATH
  remote: sources/rss_feeds
  specs:
    rss_feeds (1.1.0)
      feedjira (~> 3.2)
      httparty (~> 0.20)

PATH
  remote: sources/sbb
  specs:
    sbb (0.2.7)
      httparty (~> 0.18)

PATH
  remote: sources/todoist
  specs:
    todoist (0.1.6)
      httparty (~> 0.18)

PATH
  remote: sources/vbb
  specs:
    vbb (0.1.13)
      httparty (~> 0.18)

PATH
  remote: widgets/bing_traffic
  specs:
    bing_traffic (1.1.3)

PATH
  remote: widgets/calendar_event_list
  specs:
    calendar_event_list (1.2.0)

PATH
  remote: widgets/calendar_upcoming_event
  specs:
    calendar_upcoming_event (1.0.6)

PATH
  remote: widgets/calendar_week_overview
  specs:
    calendar_week_overview (1.0.6)

PATH
  remote: widgets/clock
  specs:
    clock (1.1.0)

PATH
  remote: widgets/countdown
  specs:
    countdown (1.0.3)

PATH
  remote: widgets/current_date
  specs:
    current_date (0.3.0)

PATH
  remote: widgets/fuel_prices
  specs:
    fuel_prices (0.2.5)

PATH
  remote: widgets/idioms
  specs:
    idioms (0.2.3)

PATH
  remote: widgets/ip_cam
  specs:
    ip_cam (0.1.7)

PATH
  remote: widgets/mirros-widget-data_table
  specs:
    mirros-widget-data_table (1.0.0)
      rails (~> 5.2.6)

PATH
  remote: widgets/mirros-widget-embed_iframe
  specs:
    mirros-widget-embed_iframe (1.0.0)
      rails (~> 5.2.6)

PATH
  remote: widgets/mirros-widget-embed_pdf
  specs:
    mirros-widget-embed_pdf (1.0.0)
      rails (~> 5.2.6)

PATH
  remote: widgets/network
  specs:
    network (0.1.4)

PATH
  remote: widgets/owm_current_weather
  specs:
    owm_current_weather (1.1.3)

PATH
  remote: widgets/owm_daily_values
  specs:
    owm_daily_values (0.2.6)

PATH
  remote: widgets/owm_forecast
  specs:
    owm_forecast (1.1.0)

PATH
  remote: widgets/pictures
  specs:
    pictures (1.1.1)

PATH
  remote: widgets/public_transport_departures
  specs:
    public_transport_departures (0.3.0)

PATH
  remote: widgets/qrcode
  specs:
    qrcode (0.3.0)

PATH
  remote: widgets/styling
  specs:
    styling (0.3.3)

PATH
  remote: widgets/text_field
  specs:
    text_field (2.0.1)

PATH
  remote: widgets/ticker
  specs:
    ticker (0.2.3)

PATH
  remote: widgets/todos
  specs:
    todos (0.1.10)

PATH
  remote: widgets/video_player
  specs:
    video_player (1.1.0)

GEM
  remote: https://rubygems.org/
  specs:
    actioncable (5.2.6)
      actionpack (= 5.2.6)
      nio4r (~> 2.0)
      websocket-driver (>= 0.6.1)
    actionmailer (5.2.6)
      actionpack (= 5.2.6)
      actionview (= 5.2.6)
      activejob (= 5.2.6)
      mail (~> 2.5, >= 2.5.4)
      rails-dom-testing (~> 2.0)
    actionpack (5.2.6)
      actionview (= 5.2.6)
      activesupport (= 5.2.6)
      rack (~> 2.0, >= 2.0.8)
      rack-test (>= 0.6.3)
      rails-dom-testing (~> 2.0)
      rails-html-sanitizer (~> 1.0, >= 1.0.2)
    actionview (5.2.6)
      activesupport (= 5.2.6)
      builder (~> 3.1)
      erubi (~> 1.4)
      rails-dom-testing (~> 2.0)
      rails-html-sanitizer (~> 1.0, >= 1.0.3)
    activejob (5.2.6)
      activesupport (= 5.2.6)
      globalid (>= 0.3.6)
    activemodel (5.2.6)
      activesupport (= 5.2.6)
    activerecord (5.2.6)
      activemodel (= 5.2.6)
      activesupport (= 5.2.6)
      arel (>= 9.0)
    activestorage (5.2.6)
      actionpack (= 5.2.6)
      activerecord (= 5.2.6)
      marcel (~> 1.0.0)
    activesupport (5.2.6)
      concurrent-ruby (~> 1.0, >= 1.0.2)
      i18n (>= 0.7, < 2)
      minitest (~> 5.1)
      tzinfo (~> 1.1)
    addressable (2.8.1)
      public_suffix (>= 2.0.2, < 6.0)
    arel (9.0.0)
    ast (2.4.2)
    better_errors (2.5.1)
      coderay (>= 1.0.0)
      erubi (>= 1.0.0)
      rack (>= 0.9.0)
    binding_of_caller (0.8.0)
      debug_inspector (>= 0.0.1)
    bootsnap (1.7.4)
      msgpack (~> 1.0)
    builder (3.2.4)
    choice (0.2.0)
    climate_control (0.2.0)
    coderay (1.1.3)
    concurrent-ruby (1.1.9)
    connection_pool (2.2.5)
    crass (1.0.6)
    debug_inspector (1.1.0)
    dotenv (2.7.6)
    dotenv-rails (2.7.6)
      dotenv (= 2.7.6)
      railties (>= 3.2)
    e2mmap (0.1.0)
    easy_enum (0.1.5)
    erubi (1.10.0)
    et-orbi (1.2.4)
      tzinfo
    ethon (0.15.0)
      ffi (>= 1.15.0)
    faraday (1.10.2)
      faraday-em_http (~> 1.0)
      faraday-em_synchrony (~> 1.0)
      faraday-excon (~> 1.1)
      faraday-httpclient (~> 1.0)
      faraday-multipart (~> 1.0)
      faraday-net_http (~> 1.0)
      faraday-net_http_persistent (~> 1.0)
      faraday-patron (~> 1.0)
      faraday-rack (~> 1.0)
      faraday-retry (~> 1.0)
      ruby2_keywords (>= 0.0.4)
    faraday-em_http (1.0.0)
    faraday-em_synchrony (1.0.0)
    faraday-excon (1.1.0)
    faraday-httpclient (1.0.1)
    faraday-multipart (1.0.4)
      multipart-post (~> 2)
    faraday-net_http (1.0.1)
    faraday-net_http_persistent (1.2.0)
    faraday-patron (1.0.0)
    faraday-rack (1.0.0)
    faraday-retry (1.0.3)
    feedjira (3.2.1)
      loofah (>= 2.3.1)
      sax-machine (>= 1.0)
    ffi (1.15.0)
    friendly_id (5.2.5)
      activerecord (>= 4.0.0)
    fugit (1.4.5)
      et-orbi (~> 1.1, >= 1.1.8)
      raabro (~> 1.4)
    geocoder (1.8.1)
    git (1.5.0)
    globalid (1.0.0)
      activesupport (>= 5.0)
    hashie (5.0.0)
    httparty (0.20.0)
      mime-types (~> 3.0)
      multi_xml (>= 0.5.2)
    i18n (1.9.1)
      concurrent-ruby (~> 1.0)
    icalendar (2.8.0)
      ice_cube (~> 0.16)
    icalendar-recurrence (1.1.3)
      icalendar (~> 2.0)
      ice_cube (~> 0.16)
    ice_cube (0.16.4)
    image_processing (1.12.1)
      mini_magick (>= 4.9.5, < 5)
      ruby-vips (>= 2.0.17, < 3)
    jsonapi-resources (0.9.11)
      activerecord (>= 4.1)
      concurrent-ruby
      railties (>= 4.1)
    jwt (2.5.0)
    lhc (13.2.0)
      activesupport (>= 5.2)
      addressable
      typhoeus (>= 0.11)
    listen (3.1.5)
      rb-fsevent (~> 0.9, >= 0.9.4)
      rb-inotify (~> 0.9, >= 0.9.7)
      ruby_dep (~> 1.2)
    loofah (2.13.0)
      crass (~> 1.0.2)
      nokogiri (>= 1.5.9)
    mail (2.7.1)
      mini_mime (>= 0.1.1)
    marcel (1.0.2)
    method_source (1.0.0)
    mime-types (3.4.1)
      mime-types-data (~> 3.2015)
    mime-types-data (3.2022.0105)
    mini_magick (4.11.0)
    mini_mime (1.1.2)
    mini_portile2 (2.7.1)
    minitest (5.15.0)
    msgpack (1.4.2)
    multi_xml (0.6.0)
    multipart-post (2.2.3)
    mysql2 (0.5.3)
    netatmo (0.1.3)
      easy_enum (~> 0.1.4)
      faraday (~> 1.0)
      geocoder (~> 1.6)
      zeitwerk (~> 2.3)
    nio4r (2.5.8)
    nokogiri (1.13.0)
      mini_portile2 (~> 2.7.0)
      racc (~> 1.4)
    oauth2 (2.0.9)
      faraday (>= 0.17.3, < 3.0)
      jwt (>= 1.0, < 3.0)
      multi_xml (~> 0.5)
      rack (>= 1.2, < 4)
      snaky_hash (~> 2.0)
      version_gem (~> 1.1)
    omniauth (1.9.2)
      hashie (>= 3.4.6)
      rack (>= 1.6.2, < 3)
    omniauth-oauth2 (1.7.3)
      oauth2 (>= 1.4, < 3)
      omniauth (>= 1.9, < 3)
    os (1.0.1)
    parallel (1.21.0)
    parser (3.1.0.0)
      ast (~> 2.4.1)
    public_suffix (5.0.0)
    puma (4.0.1)
      nio4r (~> 2.0)
    raabro (1.4.0)
    racc (1.6.0)
    rack (2.2.3)
    rack-cors (1.1.1)
      rack (>= 2.0.0)
    rack-test (1.1.0)
      rack (>= 1.0, < 3)
    rails (5.2.6)
      actioncable (= 5.2.6)
      actionmailer (= 5.2.6)
      actionpack (= 5.2.6)
      actionview (= 5.2.6)
      activejob (= 5.2.6)
      activemodel (= 5.2.6)
      activerecord (= 5.2.6)
      activestorage (= 5.2.6)
      activesupport (= 5.2.6)
      bundler (>= 1.3.0)
      railties (= 5.2.6)
      sprockets-rails (>= 2.0.0)
    rails-dom-testing (2.0.3)
      activesupport (>= 4.2.0)
      nokogiri (>= 1.6)
    rails-erd (1.6.1)
      activerecord (>= 4.2)
      activesupport (>= 4.2)
      choice (~> 0.2.0)
      ruby-graphviz (~> 1.2)
    rails-html-sanitizer (1.4.2)
      loofah (~> 2.3)
    railties (5.2.6)
      actionpack (= 5.2.6)
      activesupport (= 5.2.6)
      method_source
      rake (>= 0.8.7)
      thor (>= 0.19.0, < 2.0)
    rainbow (3.1.1)
    rake (13.0.6)
    rb-fsevent (0.10.4)
    rb-inotify (0.10.1)
      ffi (~> 1.0)
    redis (4.2.5)
    regexp_parser (2.2.0)
    rexml (3.2.5)
    rubocop (1.25.0)
      parallel (~> 1.10)
      parser (>= 3.1.0.0)
      rainbow (>= 2.2.2, < 4.0)
      regexp_parser (>= 1.8, < 3.0)
      rexml
      rubocop-ast (>= 1.15.1, < 2.0)
      ruby-progressbar (~> 1.7)
      unicode-display_width (>= 1.4.0, < 3.0)
    rubocop-ast (1.15.1)
      parser (>= 3.0.1.1)
    rubocop-rails (2.13.2)
      activesupport (>= 4.2.0)
      rack (>= 1.1)
      rubocop (>= 1.7.0, < 2.0)
    ruby-dbus (0.16.0)
    ruby-graphviz (1.2.5)
      rexml
    ruby-progressbar (1.11.0)
    ruby-vips (2.0.17)
      ffi (~> 1.9)
    ruby2_keywords (0.0.5)
    ruby_dep (1.5.0)
    rufus-scheduler (3.6.0)
      fugit (~> 1.1, >= 1.1.6)
    sax-machine (1.3.2)
    sidekiq (6.2.2)
      connection_pool (>= 2.2.2)
      rack (~> 2.0)
      redis (>= 4.2.0)
    sidekiq-scheduler (3.1.0)
      e2mmap
      redis (>= 3, < 5)
      rufus-scheduler (~> 3.2)
      sidekiq (>= 3)
      thwait
      tilt (>= 1.4.0)
    snaky_hash (2.0.1)
      hashie
      version_gem (~> 1.1, >= 1.1.1)
    spring (2.1.1)
    spring-watcher-listen (2.0.1)
      listen (>= 2.7, < 4.0)
      spring (>= 1.2, < 3.0)
    sprockets (4.0.2)
      concurrent-ruby (~> 1.0)
      rack (> 1, < 3)
    sprockets-rails (3.4.2)
      actionpack (>= 5.2)
      activesupport (>= 5.2)
      sprockets (>= 3.0.0)
    store_model (0.9.0)
      activerecord (>= 5.2)
    terrapin (0.6.0)
      climate_control (>= 0.0.3, < 1.0)
    thor (1.2.1)
    thread_safe (0.3.6)
    thwait (0.2.0)
      e2mmap
    tilt (2.0.10)
    typhoeus (1.4.0)
      ethon (>= 0.9.0)
    tzinfo (1.2.9)
      thread_safe (~> 0.1)
    unicode-display_width (2.1.0)
    version_gem (1.1.1)
    websocket-driver (0.7.5)
      websocket-extensions (>= 0.1.0)
    websocket-extensions (0.1.5)
    zeitwerk (2.6.1)

PLATFORMS
  ruby

DEPENDENCIES
  better_errors (~> 2.5.0)!
  binding_of_caller (~> 0.8.0)!
  bing_traffic!
  bootsnap (>= 1.1.0)!
  calendar_event_list!
  calendar_upcoming_event!
  calendar_week_overview!
  clock!
  countdown!
  current_date!
  dotenv-rails!
  friendly_id (~> 5.2.5)!
  fuel_prices!
  git (~> 1.5.0)!
  httparty (~> 0.18)!
  ical!
  idioms!
  idioms_source!
  image_processing (~> 1.9)!
  ip_cam!
  jsonapi-resources (~> 0.9.10)!
  lhc (~> 13.2)!
  listen (>= 3.0.5, < 3.2)!
  mirros-source-microsoft_todo!
  mirros-source-netatmo!
  mirros-widget-data_table!
  mirros-widget-embed_iframe!
  mirros-widget-embed_pdf!
  mysql2 (~> 0.5.2)!
  network!
  openweathermap!
  os (~> 1.0.0)!
  owm_current_weather!
  owm_daily_values!
  owm_forecast!
  pictures!
  public_transport_departures!
  puma (~> 4.0.1)!
  qrcode!
  rack-cors!
  rails (~> 5.2.3)!
  rails-erd (~> 1.6.0)!
  redis!
  rss_feeds!
  rubocop!
  rubocop-rails!
  ruby-dbus (~> 0.16.0)!
  sbb!
  sidekiq (< 7)!
  sidekiq-scheduler (~> 3.1)!
  spring!
  spring-watcher-listen (~> 2.0.0)!
  store_model (~> 0.8)!
  styling!
  terrapin (~> 0.6.0)!
  text_field!
  ticker!
  todoist!
  todos!
  vbb!
  video_player!

RUBY VERSION
   ruby 2.6.9p207

BUNDLED WITH
   1.17.3
